GEM
  remote: https://rubygems.org/
  specs:
    actionmailer (4.2.1)
      actionpack (= 4.2.1)
      actionview (= 4.2.1)
      activejob (= 4.2.1)
      mail (= 2.6.3)
      rails-dom-testing (= 1.0.6)
    actionpack (4.2.1)
      actionview (= 4.2.1)
      activesupport (= 4.2.1)
      rack (= 1.6.4)
      rack-test (= 0.6.3)
      rails-dom-testing (= 1.0.6)
      rails-html-sanitizer (= 1.0.2)
    actionview (4.2.1)
      activesupport (= 4.2.1)
      builder (= 3.2.2)
      erubis (= 2.7.0)
      rails-dom-testing (= 1.0.6)
      rails-html-sanitizer (= 1.0.2)
    activejob (4.2.1)
      activesupport (= 4.2.1)
      globalid (= 0.3.5)
    activemodel (4.2.1)
      activesupport (= 4.2.1)
      builder (= 3.2.2)
    activerecord (4.2.1)
      activemodel (= 4.2.1)
      activesupport (= 4.2.1)
      arel (= 6.0.0)
    activesupport (4.2.1)
      i18n (= 0.7.0)
      json (= 1.8.3)
      minitest (= 5.7.0)
      thread_safe (= 0.3.5)
      tzinfo (= 1.2.2)
    arel (6.0.0)
    builder (3.2.2)
    coderay (1.1.0)
    coffee-rails (4.1.0)
      coffee-script (= 2.4.1)
      railties (= 4.2.1)
    coffee-script (2.4.1)
      coffee-script-source (= 1.9.1.1)
      execjs (= 2.5.2)
    coffee-script-source (1.9.1.1)
    erubis (2.7.0)
    execjs (2.5.2)
    globalid (0.3.5)
      activesupport (= 4.2.1)
    hirb (0.7.3)
    hirb-unicode (0.0.5)
      hirb (~> 0.5)
      unicode-display_width (~> 0.1.1)
    i18n (0.7.0)
    jquery-rails (4.0.3)
      rails-dom-testing (= 1.0.6)
      railties (= 4.2.1)
      thor (= 0.19.1)
    json (1.8.3)
    loofah (2.0.2)
      nokogiri (= 1.6.6.2)
    mail (2.6.3)
      mime-types (= 2.6.1)
    method_source (0.8.2)
    mime-types (2.6.1)
    mini_portile (0.6.2)
    minitest (5.7.0)
    nokogiri (1.6.6.2)
      mini_portile (= 0.6.2)
    pry (0.10.1)
      coderay (= 1.1.0)
      method_source (= 0.8.2)
      slop (= 3.6.0)
    pry-rails (0.3.4)
      pry (= 0.10.1)
    rack (1.6.4)
    rack-test (0.6.3)
      rack (= 1.6.4)
    rails (4.2.1)
      actionmailer (= 4.2.1)
      actionpack (= 4.2.1)
      actionview (= 4.2.1)
      activejob (= 4.2.1)
      activemodel (= 4.2.1)
      activerecord (= 4.2.1)
      activesupport (= 4.2.1)
      bundler (= 1.10.4)
      railties (= 4.2.1)
      sprockets-rails (= 2.3.1)
    rails-deprecated_sanitizer (1.0.3)
      activesupport (= 4.2.1)
    rails-dom-testing (1.0.6)
      activesupport (= 4.2.1)
      nokogiri (= 1.6.6.2)
      rails-deprecated_sanitizer (= 1.0.3)
    rails-html-sanitizer (1.0.2)
      loofah (= 2.0.2)
    railties (4.2.1)
      actionpack (= 4.2.1)
      activesupport (= 4.2.1)
      rake (= 10.4.2)
      thor (= 0.19.1)
    rake (10.4.2)
    sass (3.4.15)
    sass-rails (5.0.3)
      railties (= 4.2.1)
      sass (= 3.4.15)
      sprockets (= 3.2.0)
      sprockets-rails (= 2.3.1)
      tilt (= 1.4.1)
    slop (3.6.0)
    sprockets (3.2.0)
      rack (= 1.6.4)
    sprockets-rails (2.3.1)
      actionpack (= 4.2.1)
      activesupport (= 4.2.1)
      sprockets (= 3.2.0)
    sqlite3 (1.3.10)
    thor (0.19.1)
    thread_safe (0.3.5)
    tilt (1.4.1)
    turbolinks (2.5.3)
      coffee-rails
    tzinfo (1.2.2)
      thread_safe (= 0.3.5)
    uglifier (2.7.1)
      execjs (= 2.5.2)
      json (= 1.8.3)
    unicode-display_width (0.1.1)

PLATFORMS
  ruby

DEPENDENCIES
  coffee-rails (= 4.1.0)
  hirb (= 0.7.3)
  hirb-unicode
  jquery-rails (= 4.0.3)
  pry-rails (= 0.3.4)
  rails (= 4.2.1)
  sass-rails (= 5.0.3)
  sqlite3 (= 1.3.10)
  turbolinks (= 2.5.3)
  uglifier (= 2.7.1)

BUNDLED WITH
   1.10.4
